GEM
  remote: https://rubygems.org/
  specs:
    coderay (1.1.1)
    ffi (1.9.18)
    method_source (0.8.2)
    minitest (5.10.1)
    pry (0.10.4)
      coderay (~> 1.1.0)
      method_source (~> 0.8.1)
      slop (~> 3.4)
    rake (12.0.0)
    rbnacl (4.0.2)
      ffi
    rbnacl-libsodium (1.0.11)
      rbnacl (>= 3.0.1)
    slop (3.6.0)
    yard (0.9.9)

PLATFORMS
  ruby

DEPENDENCIES
  minitest
  pry
  rake
  rbnacl-libsodium
  yard

BUNDLED WITH
   1.14.6
