GEM
  remote: https://rubygems.org/
  specs:
    coderay (1.1.1)
    docile (1.1.5)
    ffi (1.9.18)
    json (2.3.1)
    method_source (0.8.2)
    minitest (5.10.1)
    pry (0.10.4)
      coderay (~> 1.1.0)
      method_source (~> 0.8.1)
      slop (~> 3.4)
    rake (12.0.0)
    rbnacl (4.0.2)
      ffi
    rbnacl-libsodium (1.0.11)
      rbnacl (>= 3.0.1)
    simplecov (0.14.1)
      docile (~> 1.1.0)
      json (>= 1.8, < 3)
      simplecov-html (~> 0.10.0)
    simplecov-html (0.10.0)
    slop (3.6.0)
    yard (0.9.12)

PLATFORMS
  ruby

DEPENDENCIES
  minitest
  pry
  rake
  rbnacl-libsodium
  simplecov
  yard (~> 0.9.11)

BUNDLED WITH
   1.14.6
